GEM
  remote: http://rubygems.org/
  specs:
    activesupport (3.2.12)
      i18n (~> 0.6)
      multi_json (~> 1.0)
    capistrano (2.14.2)
      highline
      net-scp (>= 1.0.0)
      net-sftp (>= 2.0.0)
      net-ssh (>= 2.0.14)
      net-ssh-gateway (>= 1.1.0)
    chronic (0.9.0)
    highline (1.6.15)
    i18n (0.6.1)
    json (1.7.7)
    kgio (2.8.0)
    multi_json (1.6.1)
    net-scp (1.1.0)
      net-ssh (>= 2.6.5)
    net-sftp (2.1.1)
      net-ssh (>= 2.6.5)
    net-ssh (2.6.5)
    net-ssh-gateway (1.2.0)
      net-ssh (>= 2.6.5)
    oj (2.0.7)
    ox (1.8.9)
    pg (0.14.1)
    rack (1.5.2)
    rack-proxy (0.3.7)
      rack
    raindrops (0.10.0)
    rake (10.0.3)
    rgeo (0.3.20)
    sequel (3.44.0)
    unicorn (4.6.1)
      kgio (~> 2.6)
      rack
      raindrops (~> 0.7)
    vendorer (0.1.14)
    whenever (0.8.2)
      activesupport (>= 2.3.4)
      chronic (>= 0.6.3)

PLATFORMS
  ruby

DEPENDENCIES
  capistrano
  json
  oj
  ox
  pg
  rack
  rack-proxy
  rake
  rgeo
  sequel
  unicorn
  vendorer
  whenever
