PATH
  remote: /home/alno/Projects/Map/osmer
  specs:
    osmer (0.0.0)
      pg (>= 0.11.0)
      thor (>= 0.14.6)

GEM
  remote: http://rubygems.org/
  specs:
    activesupport (3.2.3)
      i18n (~> 0.6)
      multi_json (~> 1.0)
    capistrano (2.12.0)
      highline
      net-scp (>= 1.0.0)
      net-sftp (>= 2.0.0)
      net-ssh (>= 2.0.14)
      net-ssh-gateway (>= 1.1.0)
    chronic (0.6.7)
    highline (1.6.11)
    i18n (0.6.0)
    json (1.6.6)
    kgio (2.7.4)
    multi_json (1.3.2)
    net-scp (1.0.4)
      net-ssh (>= 1.99.1)
    net-sftp (2.0.5)
      net-ssh (>= 2.0.9)
    net-ssh (2.3.0)
    net-ssh-gateway (1.1.0)
      net-ssh (>= 1.99.1)
    oj (1.2.5)
    ox (1.5.5)
    pg (0.13.2)
    rack (1.4.1)
    rack-proxy (0.3.7)
      rack
    raindrops (0.8.0)
    rake (0.9.2.2)
    rgeo (0.3.11)
    sequel (3.34.1)
    thor (0.16.0)
    unicorn (4.3.0)
      kgio (~> 2.6)
      rack
      raindrops (~> 0.7)
    vendorer (0.1.11)
    whenever (0.7.3)
      activesupport (>= 2.3.4)
      chronic (~> 0.6.3)

PLATFORMS
  ruby

DEPENDENCIES
  capistrano
  json
  oj
  osmer!
  ox
  pg
  rack
  rack-proxy
  rake
  rgeo
  sequel
  unicorn
  vendorer
  whenever
